GEM
  remote: https://rubygems.org/
  specs:
    ffi (1.11.1)
    font-awesome-sass (5.9.0)
      sassc (>= 1.11)
    puma (3.8.2)
    rack (1.6.5)
    rack-protection (1.5.3)
      rack
    rake (12.3.3)
    sassc (2.0.1)
      ffi (~> 1.9)
      rake
    sinatra (1.4.8)
      rack (~> 1.5)
      rack-protection (~> 1.4)
      tilt (>= 1.3, < 3)
    tilt (2.0.7)

PLATFORMS
  ruby

DEPENDENCIES
  font-awesome-sass (~> 5.9.0)
  puma
  sinatra

RUBY VERSION
   ruby 2.5.1p57

BUNDLED WITH
   1.16.1
